GEM
  remote: https://rubygems.org/
  specs:
    pg (1.3.3)

PLATFORMS
  ruby

DEPENDENCIES
  pg

BUNDLED WITH
   2.1.4
